GEM
  remote: http://rubygems.org/
  remote: http://torquebox.org/2x/builds/LATEST/gem-repo/
  specs:
    rack (1.3.2)
    sinatra (1.2.6)
      rack (~> 1.1)
      tilt (>= 1.2.2, < 2.0)
    slim (1.0.0)
      temple (~> 0.3.0)
      tilt (~> 1.2)
    temple (0.3.2)
    tilt (1.3.2)
    torquebox (2.x.incremental.320)
      torquebox-core (= 2.x.incremental.320)
      torquebox-infinispan (= 2.x.incremental.320)
      torquebox-messaging (= 2.x.incremental.320)
      torquebox-naming (= 2.x.incremental.320)
      torquebox-rake-support (= 2.x.incremental.320)
      torquebox-security (= 2.x.incremental.320)
      torquebox-stomp (= 2.x.incremental.320)
      torquebox-vfs (= 2.x.incremental.320)
      torquebox-web (= 2.x.incremental.320)
    torquebox-core (2.x.incremental.320-java)
    torquebox-infinispan (2.x.incremental.320-java)
      torquebox-core (= 2.x.incremental.320)
    torquebox-messaging (2.x.incremental.320-java)
      torquebox-core (= 2.x.incremental.320)
    torquebox-naming (2.x.incremental.320-java)
    torquebox-rake-support (2.x.incremental.320)
    torquebox-security (2.x.incremental.320-java)
      torquebox-core (= 2.x.incremental.320)
    torquebox-stomp (2.x.incremental.320)
      torquebox-core (= 2.x.incremental.320)
      torquebox-messaging (= 2.x.incremental.320)
    torquebox-vfs (2.x.incremental.320-java)
    torquebox-web (2.x.incremental.320-java)

PLATFORMS
  java
  ruby

DEPENDENCIES
  sinatra
  slim
  torquebox (~> 2.x.incremental.320)
